GEM
  remote: https://rubygems.org/
  specs:
    addressable (2.6.0)
      public_suffix (>= 2.0.2, < 4.0)
    coderay (1.1.2)
    colored (1.2)
    excon (0.64.0)
    faraday (0.15.4)
      multipart-post (>= 1.2, < 3)
    method_source (0.9.2)
    multipart-post (2.1.1)
    octokit (4.14.0)
      sawyer (~> 0.8.0, >= 0.5.3)
    pry (0.12.2)
      coderay (~> 1.1.0)
      method_source (~> 0.9.0)
    public_suffix (3.1.1)
    sawyer (0.8.2)
      addressable (>= 2.3.5)
      faraday (> 0.8, < 2.0)

PLATFORMS
  ruby

DEPENDENCIES
  colored
  excon
  octokit (~> 4.0)
  pry

BUNDLED WITH
   2.0.2
